GEM
  remote: https://rubygems.org/
  remote: https://packages.shopify.io/shopify/gems/
  specs:
    actioncable (6.0.3.4)
      actionpack (= 6.0.3.4)
      nio4r (~> 2.0)
      websocket-driver (>= 0.6.1)
    actionmailbox (6.0.3.4)
      actionpack (= 6.0.3.4)
      activejob (= 6.0.3.4)
      activerecord (= 6.0.3.4)
      activestorage (= 6.0.3.4)
      activesupport (= 6.0.3.4)
      mail (>= 2.7.1)
    actionmailer (6.0.3.4)
      actionpack (= 6.0.3.4)
      actionview (= 6.0.3.4)
      activejob (= 6.0.3.4)
      mail (~> 2.5, >= 2.5.4)
      rails-dom-testing (~> 2.0)
    actionpack (6.0.3.4)
      actionview (= 6.0.3.4)
      activesupport (= 6.0.3.4)
      rack (~> 2.0, >= 2.0.8)
      rack-test (>= 0.6.3)
      rails-dom-testing (~> 2.0)
      rails-html-sanitizer (~> 1.0, >= 1.2.0)
    actiontext (6.0.3.4)
      actionpack (= 6.0.3.4)
      activerecord (= 6.0.3.4)
      activestorage (= 6.0.3.4)
      activesupport (= 6.0.3.4)
      nokogiri (>= 1.8.5)
    actionview (6.0.3.4)
      activesupport (= 6.0.3.4)
      builder (~> 3.1)
      erubi (~> 1.4)
      rails-dom-testing (~> 2.0)
      rails-html-sanitizer (~> 1.1, >= 1.2.0)
    activejob (6.0.3.4)
      activesupport (= 6.0.3.4)
      globalid (>= 0.3.6)
    activemodel (6.0.3.4)
      activesupport (= 6.0.3.4)
    activerecord (6.0.3.4)
      activemodel (= 6.0.3.4)
      activesupport (= 6.0.3.4)
    activestorage (6.0.3.4)
      actionpack (= 6.0.3.4)
      activejob (= 6.0.3.4)
      activerecord (= 6.0.3.4)
      marcel (~> 0.3.1)
    activesupport (6.0.3.4)
      concurrent-ruby (~> 1.0, >= 1.0.2)
      i18n (>= 0.7, < 2)
      minitest (~> 5.1)
      tzinfo (~> 1.1)
      zeitwerk (~> 2.2, >= 2.2.2)
    addressable (2.7.0)
      public_suffix (>= 2.0.2, < 5.0)
    ast (2.4.1)
    avro (1.10.0)
      multi_json (~> 1)
    bindex (0.8.1)
    bootsnap (1.5.1)
      msgpack (~> 1.0)
    browserslist_useragent (0.2.0)
      semantic
      user_agent_parser
    buffered-logger (2.1.0)
    builder (3.2.4)
    byebug (11.1.3)
    capybara (3.33.0)
      addressable
      mini_mime (>= 0.1.3)
      nokogiri (~> 1.8)
      rack (>= 1.6.0)
      rack-test (>= 0.6.3)
      regexp_parser (~> 1.5)
      xpath (~> 3.2)
    childprocess (3.0.0)
    coderay (1.1.3)
    colorize (0.8.1)
    commander (4.5.2)
      highline (~> 2.0.0)
    concurrent-ruby (1.1.7)
    crass (1.0.6)
    declarative (0.0.20)
    declarative-option (0.1.0)
    digest-crc (0.6.1)
      rake (~> 13.0)
    dnsruby (1.61.5)
      simpleidn (~> 0.1)
    erubi (1.10.0)
    faraday (1.1.0)
      multipart-post (>= 1.2, < 3)
      ruby2_keywords
    ffi (1.13.1)
    globalid (0.4.2)
      activesupport (>= 4.2.0)
    google-api-client (0.50.0)
      addressable (~> 2.5, >= 2.5.1)
      googleauth (~> 0.9)
      httpclient (>= 2.8.1, < 3.0)
      mini_mime (~> 1.0)
      representable (~> 3.0)
      retriable (>= 2.0, < 4.0)
      rexml
      signet (~> 0.12)
    google-cloud-core (1.5.0)
      google-cloud-env (~> 1.0)
      google-cloud-errors (~> 1.0)
    google-cloud-env (1.4.0)
      faraday (>= 0.17.3, < 2.0)
    google-cloud-errors (1.0.1)
    google-cloud-storage (1.29.1)
      addressable (~> 2.5)
      digest-crc (~> 0.4)
      google-api-client (~> 0.33)
      google-cloud-core (~> 1.2)
      googleauth (~> 0.9)
      mini_mime (~> 1.0)
    google-protobuf (3.14.0)
    googleauth (0.14.0)
      faraday (>= 0.17.3, < 2.0)
      jwt (>= 1.4, < 3.0)
      memoist (~> 0.16)
      multi_json (~> 1.11)
      os (>= 0.9, < 2.0)
      signet (~> 0.14)
    graphql (1.11.6)
    highline (2.0.3)
    httpclient (2.8.3)
    i18n (1.8.5)
      concurrent-ruby (~> 1.0)
    jbuilder (2.10.1)
      activesupport (>= 5.0.0)
    json (2.3.1)
    jwt (2.2.2)
    kafka-client-ruby (2.5.2)
      dnsruby (~> 1.61, >= 1.61.3)
      ruby-kafka (~> 1.2.0)
      snappy
    kafka-shopify (1.8.0)
      activesupport (>= 5.1)
      kafka-client-ruby (~> 2.4)
      ruby-kafka
      statsd-instrument (>= 2.3, < 4)
      sysvmq (~> 0.2.1)
      tros (~> 1.7)
    listen (3.3.1)
      rb-fsevent (~> 0.10, >= 0.10.3)
      rb-inotify (~> 0.9, >= 0.9.10)
    loofah (2.7.0)
      crass (~> 1.0.2)
      nokogiri (>= 1.5.9)
    mail (2.7.1)
      mini_mime (>= 0.1.1)
    marcel (0.3.3)
      mimemagic (~> 0.3.2)
    memoist (0.16.2)
    method_source (1.0.0)
    mimemagic (0.3.5)
    mini_mime (1.0.2)
    mini_portile2 (2.4.0)
    minitest (5.14.2)
    minitest-distributed (0.2.3)
      minitest (~> 5.12)
      redis (~> 4.2)
      sorbet-runtime
    minitest-silence (0.2.3)
      minitest (~> 5.12)
    monorail (0.1.96.20201201234131)
      avro (~> 1.8)
      colorize (>= 0.8.1)
      faraday (>= 0.12, < 2)
      json (>= 1.8.6)
      kafka-shopify (~> 1.6)
      statsd-instrument (>= 2.3.2)
    msgpack (1.3.3)
    multi_json (1.15.0)
    multipart-post (2.1.1)
    mysql2 (0.5.3)
    nio4r (2.5.4)
    nokogiri (1.10.10)
      mini_portile2 (~> 2.4.0)
    os (1.1.1)
    parallel (1.20.1)
    parlour (4.0.1)
      commander (~> 4.5)
      parser
      rainbow (~> 3.0)
      sorbet-runtime (>= 0.5)
    parser (2.7.2.0)
      ast (~> 2.4.1)
    pry (0.13.1)
      coderay (~> 1.1)
      method_source (~> 1.0)
    public_suffix (4.0.6)
    puma (4.3.6)
      nio4r (~> 2.0)
    quilt_rails (3.4.0)
      rails-reverse-proxy (~> 0.9.0)
      railties (>= 3.2.0)
      statsd-instrument (>= 2.8.0)
    rack (2.2.3)
    rack-proxy (0.6.5)
      rack
    rack-test (1.1.0)
      rack (>= 1.0, < 3)
    rails (6.0.3.4)
      actioncable (= 6.0.3.4)
      actionmailbox (= 6.0.3.4)
      actionmailer (= 6.0.3.4)
      actionpack (= 6.0.3.4)
      actiontext (= 6.0.3.4)
      actionview (= 6.0.3.4)
      activejob (= 6.0.3.4)
      activemodel (= 6.0.3.4)
      activerecord (= 6.0.3.4)
      activestorage (= 6.0.3.4)
      activesupport (= 6.0.3.4)
      bundler (>= 1.3.0)
      railties (= 6.0.3.4)
      sprockets-rails (>= 2.0.0)
    rails-dom-testing (2.0.3)
      activesupport (>= 4.2.0)
      nokogiri (>= 1.6)
    rails-html-sanitizer (1.3.0)
      loofah (~> 2.3)
    rails-reverse-proxy (0.9.1)
      addressable
      rack
      rack-proxy
      rails
    railties (6.0.3.4)
      actionpack (= 6.0.3.4)
      activesupport (= 6.0.3.4)
      method_source
      rake (>= 0.8.7)
      thor (>= 0.20.3, < 2.0)
    rainbow (3.0.0)
    raindrops (0.19.1)
    rake (13.0.1)
    rb-fsevent (0.10.4)
    rb-inotify (0.10.1)
      ffi (~> 1.0)
    redis (4.2.5)
    regexp_parser (1.8.2)
    representable (3.0.4)
      declarative (< 0.1.0)
      declarative-option (< 0.2.0)
      uber (< 0.2.0)
    retriable (3.1.2)
    rexml (3.2.4)
    rubocop (1.4.2)
      parallel (~> 1.10)
      parser (>= 2.7.1.5)
      rainbow (>= 2.2.2, < 4.0)
      regexp_parser (>= 1.8)
      rexml
      rubocop-ast (>= 1.1.1)
      ruby-progressbar (~> 1.7)
      unicode-display_width (>= 1.4.0, < 2.0)
    rubocop-ast (1.2.0)
      parser (>= 2.7.1.5)
    rubocop-shopify (1.0.7)
      rubocop (~> 1.4)
    rubocop-sorbet (0.5.1)
      rubocop
    ruby-kafka (1.2.0)
      digest-crc
    ruby-progressbar (1.10.1)
    ruby2_keywords (0.0.2)
    rubyzip (2.3.0)
    selenium-webdriver (3.142.7)
      childprocess (>= 0.5, < 4.0)
      rubyzip (>= 1.2.2)
    semantic (1.6.1)
    semian (0.10.6)
    sewing_kit (0.128.0)
      browserslist_useragent
      railties (>= 3.2.0)
      rake
    shopify-cloud (2.3.1)
      actionpack (>= 5.0.0)
      activesupport (>= 5.0.0)
      buffered-logger (~> 2.1)
      google-cloud-storage (~> 1.4)
      railties (>= 5.0.0)
      shopify_metrics
      statsd-instrument
    shopify-graphiql-rails (0.1.0)
      railties
    shopify-tracing (0.9.7)
      concurrent-ruby (~> 1.0)
      google-cloud-env (~> 1.3)
      google-protobuf (>= 3.4.1.1, < 4)
      semian (~> 0.10.2)
      statsd-instrument (>= 2.3.0, < 4)
    shopify_metrics (1.6.0)
      raindrops
      statsd-instrument (>= 2.7, < 4)
    signet (0.14.0)
      addressable (~> 2.3)
      faraday (>= 0.17.3, < 2.0)
      jwt (>= 1.5, < 3.0)
      multi_json (~> 1.10)
    simpleidn (0.1.1)
      unf (~> 0.1.4)
    snappy (0.0.17)
    sorbet (0.5.6116)
      sorbet-static (= 0.5.6116)
    sorbet-runtime (0.5.6116)
    sorbet-static (0.5.6116-universal-darwin-14)
    spoom (1.0.7)
      colorize
      sorbet (~> 0.5.5)
      sorbet-runtime
      thor (>= 0.19.2)
    spring (2.1.1)
    spring-watcher-listen (2.0.1)
      listen (>= 2.7, < 4.0)
      spring (>= 1.2, < 3.0)
    sprockets (4.0.2)
      concurrent-ruby (~> 1.0)
      rack (> 1, < 3)
    sprockets-rails (3.2.2)
      actionpack (>= 4.0)
      activesupport (>= 4.0)
      sprockets (>= 3.0.0)
    statsd-instrument (3.0.1)
    sysvmq (0.2.2)
    tapioca (0.4.10)
      parlour (>= 2.1.0)
      pry (>= 0.12.2)
      sorbet-runtime
      sorbet-static (>= 0.4.4471)
      spoom
      thor (>= 0.19.2)
    thor (1.0.1)
    thread_safe (0.3.6)
    tros (1.7.6.4)
    tzinfo (1.2.8)
      thread_safe (~> 0.1)
    uber (0.1.0)
    unf (0.1.4)
      unf_ext
    unf_ext (0.0.7.7)
    unicode-display_width (1.7.0)
    user_agent_parser (2.7.0)
    web-console (4.1.0)
      actionview (>= 6.0.0)
      activemodel (>= 6.0.0)
      bindex (>= 0.4.0)
      railties (>= 6.0.0)
    webdrivers (4.4.1)
      nokogiri (~> 1.6)
      rubyzip (>= 1.3.0)
      selenium-webdriver (>= 3.0, < 4.0)
    websocket-driver (0.7.3)
      websocket-extensions (>= 0.1.0)
    websocket-extensions (0.1.5)
    xpath (3.2.0)
      nokogiri (~> 1.8)
    zeitwerk (2.4.1)

PLATFORMS
  ruby

DEPENDENCIES
  bootsnap (>= 1.4.2)
  byebug
  capybara (>= 2.15)
  graphql
  jbuilder (~> 2.7)
  kafka-shopify!
  listen (~> 3.2)
  minitest-distributed
  minitest-silence
  monorail!
  mysql2 (>= 0.4.4)
  puma (~> 4.1)
  quilt_rails (>= 3.4.0)
  rails (~> 6.0.3, >= 6.0.3.4)
  rubocop-shopify
  rubocop-sorbet
  selenium-webdriver
  sewing_kit (>= 0.127.0)
  shopify-cloud!
  shopify-graphiql-rails!
  shopify-tracing!
  shopify_metrics!
  sorbet
  sorbet-runtime
  spring
  spring-watcher-listen (~> 2.0.0)
  tapioca
  web-console (>= 3.3.0)
  webdrivers

RUBY VERSION
   ruby 2.7.1p83

BUNDLED WITH
   2.1.4
